GIT
  remote: git://github.com/rails/arel.git
  revision: a35fede61ac1a2fcff519ad052f2fcb8808922b9
  specs:
    arel (5.0.0.20140210193626)

GIT
  remote: git://github.com/rails/coffee-rails.git
  revision: 044d0d683b436128dedf45f780b8fca138d005e2
  specs:
    coffee-rails (4.0.1)
      coffee-script (>= 2.2.0)
      railties (>= 4.0.0, < 5.0)

GIT
  remote: git://github.com/rails/rails.git
  revision: 79f06a91345a301e1a2f2378552b5860a493b256
  specs:
    actionmailer (4.2.0.alpha)
      actionpack (= 4.2.0.alpha)
      actionview (= 4.2.0.alpha)
      mail (~> 2.5.4)
    actionpack (4.2.0.alpha)
      actionview (= 4.2.0.alpha)
      activesupport (= 4.2.0.alpha)
      rack (~> 1.5.2)
      rack-test (~> 0.6.2)
    actionview (4.2.0.alpha)
      activesupport (= 4.2.0.alpha)
      builder (~> 3.1)
      erubis (~> 2.7.0)
    activemodel (4.2.0.alpha)
      activesupport (= 4.2.0.alpha)
      builder (~> 3.1)
    activerecord (4.2.0.alpha)
      activemodel (= 4.2.0.alpha)
      activesupport (= 4.2.0.alpha)
      arel (~> 5.0.0)
    activesupport (4.2.0.alpha)
      i18n (~> 0.6, >= 0.6.9)
      json (~> 1.7, >= 1.7.7)
      minitest (~> 5.1)
      thread_safe (~> 0.1)
      tzinfo (~> 1.1)
    rails (4.2.0.alpha)
      actionmailer (= 4.2.0.alpha)
      actionpack (= 4.2.0.alpha)
      actionview (= 4.2.0.alpha)
      activemodel (= 4.2.0.alpha)
      activerecord (= 4.2.0.alpha)
      activesupport (= 4.2.0.alpha)
      bundler (>= 1.3.0, < 2.0)
      railties (= 4.2.0.alpha)
      sprockets-rails (~> 2.0.0)
    railties (4.2.0.alpha)
      actionpack (= 4.2.0.alpha)
      activesupport (= 4.2.0.alpha)
      rake (>= 0.8.7)
      thor (>= 0.18.1, < 2.0)

GIT
  remote: git://github.com/rails/sass-rails.git
  revision: f04aa9284c04f06c2486d38e8debef2c277f23d6
  specs:
    sass-rails (4.0.1)
      railties (>= 4.0.0, < 5.0)
      sass (~> 3.2.0)
      sprockets (~> 2.8, <= 2.11.0)
      sprockets-rails (~> 2.0.0)

GIT
  remote: git://github.com/rails/sprockets-rails.git
  revision: 2ff626c9bfc6d5b1c71b4b395a06d10a2458e10d
  specs:
    sprockets-rails (2.0.1)
      actionpack (>= 3.0)
      activesupport (>= 3.0)
      sprockets (~> 2.8)

GEM
  remote: https://rubygems.org/
  specs:
    atomic (1.1.16)
    builder (3.2.2)
    coffee-script (2.2.0)
      coffee-script-source
      execjs
    coffee-script-source (1.7.0)
    erubis (2.7.0)
    execjs (2.0.2)
    hike (1.2.3)
    i18n (0.6.9)
    jbuilder (2.0.5)
      activesupport (>= 3.0.0)
      multi_json (>= 1.2.0)
    jquery-rails (3.1.0)
      railties (>= 3.0, < 5.0)
      thor (>= 0.14, < 2.0)
    json (1.8.1)
    mail (2.5.4)
      mime-types (~> 1.16)
      treetop (~> 1.4.8)
    mime-types (1.25.1)
    minitest (5.3.2)
    multi_json (1.9.2)
    mysql2 (0.3.15)
    polyglot (0.3.4)
    puma (2.8.1)
      rack (>= 1.1, < 2.0)
    rack (1.5.2)
    rack-test (0.6.2)
      rack (>= 1.0)
    rake (10.2.2)
    rdoc (4.1.1)
      json (~> 1.4)
    sass (3.2.18)
    sdoc (0.4.0)
      json (~> 1.8)
      rdoc (~> 4.0, < 5.0)
    spring (1.1.2)
    sprockets (2.11.0)
      hike (~> 1.2)
      multi_json (~> 1.0)
      rack (~> 1.0)
      tilt (~> 1.1, != 1.3.0)
    thor (0.19.1)
    thread_safe (0.3.1)
      atomic (>= 1.1.7, < 2)
    tilt (1.4.1)
    treetop (1.4.15)
      polyglot
      polyglot (>= 0.3.1)
    turbolinks (2.2.1)
      coffee-rails
    tzinfo (1.1.0)
      thread_safe (~> 0.1)
    uglifier (2.5.0)
      execjs (>= 0.3.0)
      json (>= 1.8.0)

PLATFORMS
  ruby

DEPENDENCIES
  arel!
  coffee-rails!
  jbuilder (~> 2.0)
  jquery-rails
  mysql2 (>= 0.3.15)
  puma (~> 2.8.1)
  rails!
  sass-rails!
  sdoc (~> 0.4.0)
  spring
  sprockets-rails!
  turbolinks
  uglifier (>= 1.3.0)
